GEM
  remote: https://rubygems.org/
  specs:
    anemone (0.7.2)
      nokogiri (>= 1.3.0)
      robotex (>= 1.0.0)
    archive-zip (0.12.0)
      io-like (~> 0.3.0)
    bcrypt (3.1.12)
    connection_pool (2.2.3)
    curb (0.9.10)
    domain_name (0.5.20190701)
      unf (>= 0.0.5, < 1.0.0)
    hpricot (0.8.6)
    http-cookie (1.0.3)
      domain_name (~> 0.5)
    io-like (0.3.0)
    json (2.2.0)
    mechanize (2.7.7)
      domain_name (~> 0.5, >= 0.5.1)
      http-cookie (~> 1.0)
      mime-types (>= 1.17.2)
      net-http-digest_auth (~> 1.1, >= 1.1.1)
      net-http-persistent (>= 2.5.2)
      nokogiri (~> 1.6)
      ntlm-http (~> 0.1, >= 0.1.1)
      webrick (~> 1.7)
      webrobots (>= 0.0.9, < 0.2)
    mime-types (3.3.1)
      mime-types-data (~> 3.2015)
    mime-types-data (3.2020.1104)
    mini_portile2 (2.4.0)
    mysql2 (0.5.2)
    net-http-digest_auth (1.4.1)
    net-http-persistent (4.0.1)
      connection_pool (~> 2.2)
    net-ssh (5.2.0)
    nokogiri (1.10.10)
      mini_portile2 (~> 2.4.0)
    ntlm-http (0.1.1)
    pg (1.1.4)
    robotex (1.0.0)
    ruby-progressbar (1.10.0)
    smbhash (1.0.2)
    snmp (1.3.1)
    text-table (1.2.4)
    tiny_tds (2.1.2)
    unf (0.1.4)
      unf_ext
    unf_ext (0.0.7.7)
    webrick (1.7.0)
    webrobots (0.1.2)

PLATFORMS
  ruby

DEPENDENCIES
  anemone
  archive-zip
  bcrypt
  curb
  hpricot
  json
  mechanize (>= 2.7.7)
  mysql2
  net-ssh
  nokogiri
  pg
  ruby-progressbar
  smbhash
  snmp
  text-table
  tiny_tds

BUNDLED WITH
   1.17.3
