GEM
  remote: https://rubygems.org/
  specs:
    addressable (2.8.5)
      public_suffix (>= 2.0.2, < 6.0)
    anemone (0.7.2)
      nokogiri (>= 1.3.0)
      robotex (>= 1.0.0)
    archive-zip (0.12.0)
      io-like (~> 0.3.0)
    bcrypt (3.1.12)
    connection_pool (2.4.1)
    curb (0.9.10)
    domain_name (0.6.20231109)
    hpricot (0.8.6)
    http-cookie (1.0.5)
      domain_name (~> 0.5)
    io-like (0.3.0)
    json (2.2.0)
    mechanize (2.9.1)
      addressable (~> 2.8)
      domain_name (~> 0.5, >= 0.5.20190701)
      http-cookie (~> 1.0, >= 1.0.3)
      mime-types (~> 3.0)
      net-http-digest_auth (~> 1.4, >= 1.4.1)
      net-http-persistent (>= 2.5.2, < 5.0.dev)
      nokogiri (~> 1.11, >= 1.11.2)
      rubyntlm (~> 0.6, >= 0.6.3)
      webrick (~> 1.7)
      webrobots (~> 0.1.2)
    mime-types (3.5.1)
      mime-types-data (~> 3.2015)
    mime-types-data (3.2023.1003)
    mini_portile2 (2.8.5)
    mysql2 (0.5.2)
    net-http-digest_auth (1.4.1)
    net-http-persistent (4.0.2)
      connection_pool (~> 2.2)
    net-ssh (5.2.0)
    nokogiri (1.15.4)
      mini_portile2 (~> 2.8.2)
      racc (~> 1.4)
    pg (1.1.4)
    public_suffix (5.0.3)
    racc (1.7.3)
    robotex (1.0.0)
    ruby-progressbar (1.10.0)
    rubyntlm (0.6.3)
    smbhash (1.0.2)
    snmp (1.3.1)
    text-table (1.2.4)
    tiny_tds (2.1.2)
    webrick (1.8.1)
    webrobots (0.1.2)

PLATFORMS
  ruby

DEPENDENCIES
  anemone
  archive-zip
  bcrypt
  curb
  hpricot
  json
  mechanize (>= 2.7.7)
  mysql2
  net-ssh
  nokogiri (>= 1.11.4)
  pg
  ruby-progressbar
  smbhash
  snmp
  text-table
  tiny_tds

BUNDLED WITH
   2.1.4
